GEM
  remote: https://rubygems.org/
  specs:
    minitest (5.15.0)
    terminal-table (3.0.2)
      unicode-display_width (>= 1.1.1, < 3)
    unicode-display_width (2.0.0)

PLATFORMS
  arm64-darwin-21

DEPENDENCIES
  minitest
  terminal-table

BUNDLED WITH
   2.2.33
